PATH
  remote: .
  specs:
    serve (2.0.0)
      activesupport (~> 4.2.1)
      bigdecimal (~> 1.4.4)
      i18n
      rack (~> 1.6.0)
      rack-test (~> 0.6.3)
      tilt (~> 1.4.1)
      tzinfo

GEM
  remote: https://rubygems.org/
  specs:
    RedCloth (4.2.9)
    activesupport (4.2.11.3)
      i18n (~> 0.7)
      minitest (~> 5.1)
      thread_safe (~> 0.3, >= 0.3.4)
      tzinfo (~> 1.1)
    bigdecimal (1.4.4)
    chunky_png (1.3.4)
    coderay (1.1.3)
    coffee-script (2.4.1)
      coffee-script-source
      execjs
    coffee-script-source (1.9.1.1)
    commonjs (0.2.7)
    compass (1.0.3)
      chunky_png (~> 1.2)
      compass-core (~> 1.0.2)
      compass-import-once (~> 1.0.5)
      rb-fsevent (>= 0.9.3)
      rb-inotify (>= 0.9)
      sass (>= 3.3.13, < 3.5)
    compass-core (1.0.3)
      multi_json (~> 1.0)
      sass (>= 3.3.0, < 3.5)
    compass-import-once (1.0.5)
      sass (>= 3.2, < 3.5)
    diff-lcs (1.1.3)
    erubis (2.7.0)
    execjs (2.5.2)
    ffi (1.9.8)
    haml (4.0.6)
      tilt
    i18n (0.7.0)
    less (2.6.0)
      commonjs (~> 0.2.7)
    method_source (1.0.0)
    minitest (5.15.0)
    multi_json (1.11.0)
    pry (0.14.1)
      coderay (~> 1.1)
      method_source (~> 1.0)
    psych (4.0.3)
      stringio
    rack (1.6.0)
    rack-test (0.6.3)
      rack (>= 1.0)
    radius (0.7.4)
    rake (10.4.2)
    rb-fsevent (0.9.4)
    rb-inotify (0.9.5)
      ffi (>= 0.5.0)
    rdiscount (2.1.8)
    rdoc (6.4.0)
      psych (>= 4.0.0)
    rspec (2.12.0)
      rspec-core (~> 2.12.0)
      rspec-expectations (~> 2.12.0)
      rspec-mocks (~> 2.12.0)
    rspec-core (2.12.2)
    rspec-expectations (2.12.1)
      diff-lcs (~> 1.1.3)
    rspec-mocks (2.12.2)
    sass (3.4.13)
    slim (3.0.3)
      temple (~> 0.7.3)
      tilt (>= 1.3.3, < 2.1)
    stringio (3.0.1)
    temple (0.7.5)
    thread_safe (0.3.5)
    tilt (1.4.1)
    tzinfo (1.2.2)
      thread_safe (~> 0.1)

PLATFORMS
  ruby

DEPENDENCIES
  RedCloth (~> 4.2.9)
  activesupport (~> 4.2.7)
  bigdecimal (~> 1.4.4)
  coffee-script (~> 2.4.1)
  compass (~> 1.0.3)
  erubis (~> 2.7.0)
  haml (~> 4.0.6)
  i18n
  less (~> 2.6.0)
  pry
  rack (~> 1.6.0)
  rack-test (~> 0.6.3)
  radius (~> 0.7.4)
  rake (~> 10.4.2)
  rdiscount (~> 2.1.8)
  rdoc (~> 6.4.0)
  rspec (~> 2.12.0)
  sass (~> 3.4.13)
  serve!
  slim (~> 3.0.3)
  tilt (~> 1.4.1)
  tzinfo

BUNDLED WITH
   2.2.33
